PATH
  remote: .
  specs:
    aws-bootstrap (0.0.1)
      aws-sdk (>= 2.9.15)

GEM
  remote: https://rubygems.org/
  specs:
    aws-sdk (2.9.15)
      aws-sdk-resources (= 2.9.15)
    aws-sdk-core (2.9.15)
      aws-sigv4 (~> 1.0)
      jmespath (~> 1.0)
    aws-sdk-resources (2.9.15)
      aws-sdk-core (= 2.9.15)
    aws-sigv4 (1.0.0)
    coderay (1.1.1)
    diff-lcs (1.3)
    jmespath (1.3.1)
    method_source (0.8.2)
    pry (0.10.4)
      coderay (~> 1.1.0)
      method_source (~> 0.8.1)
      slop (~> 3.4)
    rake (10.5.0)
    rspec (3.6.0)
      rspec-core (~> 3.6.0)
      rspec-expectations (~> 3.6.0)
      rspec-mocks (~> 3.6.0)
    rspec-core (3.6.0)
      rspec-support (~> 3.6.0)
    rspec-expectations (3.6.0)
      diff-lcs (>= 1.2.0, < 2.0)
      rspec-support (~> 3.6.0)
    rspec-mocks (3.6.0)
      diff-lcs (>= 1.2.0, < 2.0)
      rspec-support (~> 3.6.0)
    rspec-support (3.6.0)
    slop (3.6.0)

PLATFORMS
  ruby

DEPENDENCIES
  aws-bootstrap!
  bundler
  pry
  rake (~> 10.0)
  rspec (~> 3.0)

BUNDLED WITH
   1.14.6
